GEM
  remote: https://rubygems.org/
  specs:
    aws-sdk (2.6.28)
      aws-sdk-resources (= 2.6.28)
    aws-sdk-core (2.6.28)
      aws-sigv4 (~> 1.0)
      jmespath (~> 1.0)
    aws-sdk-resources (2.6.28)
      aws-sdk-core (= 2.6.28)
    aws-sdk-v1 (1.66.0)
      json (~> 1.4)
      nokogiri (>= 1.4.4)
    aws-sigv4 (1.0.0)
    diffy (3.1.0)
    hashie (3.4.6)
    jmespath (1.3.1)
    json (1.8.3)
    macaddr (1.7.1)
      systemu (~> 2.6.2)
    mini_portile2 (2.1.0)
    net-dns2 (0.8.7)
      packetfu
    network_interface (0.0.1)
    nokogiri (1.6.8.1)
      mini_portile2 (~> 2.1.0)
    packetfu (1.1.11)
      network_interface (~> 0.0)
      pcaprub (~> 0.12)
    pcaprub (0.12.4)
    piculet (0.2.9)
      aws-sdk-v1 (>= 1.48.0)
      diffy
      hashie
      term-ansicolor (>= 1.2.2)
    roadworker (0.5.7)
      aws-sdk (>= 2.2.34)
      diffy
      hashie
      net-dns2 (~> 0.8.6)
      systemu
      term-ansicolor
      uuid
    systemu (2.6.5)
    term-ansicolor (1.4.0)
      tins (~> 1.0)
    tins (1.13.0)
    uuid (2.3.8)
      macaddr (~> 1.0)

PLATFORMS
  ruby

DEPENDENCIES
  piculet
  roadworker

BUNDLED WITH
   1.12.5
